GEM
  remote: http://rubygems.org/
  specs:
    flexmock (0.9.0)
    minitest (3.2.0)

PLATFORMS
  ruby

DEPENDENCIES
  flexmock
  minitest
